PATH
  remote: .
  specs:
    templates (0.0.1)

PATH
  remote: ../smart-proxy
  specs:
    smart_proxy (1.8.0.develop)
      json (~> 1.8)
      rack (~> 1.5)
      sinatra (~> 1.4)

GEM
  remote: https://rubygems.org/
  specs:
    addressable (2.3.6)
    crack (0.4.2)
      safe_yaml (~> 1.0.0)
    json (1.8.1)
    metaclass (0.0.4)
    mocha (1.1.0)
      metaclass (~> 0.0.1)
    rack (1.5.2)
    rack-protection (1.5.3)
      rack
    rack-test (0.6.2)
      rack (>= 1.0)
    rake (10.3.2)
    safe_yaml (1.0.4)
    sinatra (1.4.5)
      rack (~> 1.4)
      rack-protection (~> 1.4)
      tilt (~> 1.3, >= 1.3.4)
    test-unit (2.5.5)
    tilt (1.4.1)
    webmock (1.20.0)
      addressable (>= 2.3.6)
      crack (>= 0.3.2)

PLATFORMS
  ruby

DEPENDENCIES
  mocha (~> 1)
  rack-test (~> 0)
  rake (~> 10)
  smart_proxy!
  templates!
  test-unit (~> 2)
  webmock (~> 1)
